{
	"TaskName": "imagery",
	"Manufacturer": "Brain Products",
	"PowerLineFrequency": 50.0,
	"SamplingFrequency": 1000.0,
	"SoftwareFilters": "n/a",
	"RecordingDuration": 3454.999,
	"RecordingType": "continuous",
	"EEGReference": "nose",
	"EEGGround": "n/a",
	"EEGPlacementScheme": "10-05 system",
	"EEGChannelCount": 63,
	"EOGChannelCount": 0,
	"ECGChannelCount": 0,
	"EMGChannelCount": 0,
	"TriggerChannelCount": 0,
	"ManufacturersModelName": "2x BrainAmp (Brain Products)",
	"SoftwareVersions": "BBCI Toolbox (MATLAB)",
	"CapManufacturer": "EasyCap",
	"CapManufacturersModelName": "Fast'n Easy Cap",
	"HardwareFilters": "n/a",
	"TaskDescription": "Motor imagery under distraction: 1 calibration run (no feedback, no distraction) + 6 feedback runs with different distraction conditions (clean, eyes closed, news, number search, flicker, vibro-tactile stimulation) Trial duration: 4.5s, imagery: 4.5s.",
	"Instructions": "Subjects received auditory cues ('links' for left, 'rechts' for right) and performed motor imagery of left or right hand movement",
	"CogAtlasID": "https://www.cognitiveatlas.org/task/id/trm_4c8a834779883/",
	"InstitutionName": "Technische Universitaet Berlin",
	"InstitutionAddress": "DE",
	"InstitutionalDepartmentName": "Department of Neurotechnology",
	"SubjectArtefactDescription": "n/a",
	"DeviceSerialNumber": "n/a",
	"Description": "EEG recording.",
	"MISCChannelCount": 0
}